GEM
  remote: https://rubygems.org/
  specs:
    concurrent-ruby (1.1.5)
    dotenv (2.7.5)

PLATFORMS
  ruby

DEPENDENCIES
  concurrent-ruby
  dotenv

BUNDLED WITH
   2.0.2
